GEM
  remote: http://rubygems.org/
  specs:
    docopt (0.5.0)
    open4 (1.3.4)
    ruby-ip (0.9.3)

PLATFORMS
  ruby

DEPENDENCIES
  bundler
  docopt
  open4
  ruby-ip

BUNDLED WITH
   1.10.6
